FRAMEWORK: >= NET40
NUGET
  remote: https://www.nuget.org/api/v2
  specs:
    Castle.Core (3.3.3)
    Castle.Core-NLog (3.3.3)
      Castle.Core (>= 3.3.3)
      NLog (>= 2.0.0)
    Castle.Facilities.AutoTx (3.2.207.2207)
      Castle.Core (>= 3.0.0.4001)
      Castle.Transactions (3.2.207.2207)
      Castle.Windsor (>= 3.0.0.4001)
    Castle.FactorySupportFacility (3.3.0)
      Castle.Windsor (>= 3.3.0)
    Castle.LoggingFacility (3.3.0)
      Castle.Core (>= 3.3.0)
      Castle.Windsor (>= 3.3.0)
    Castle.Transactions (3.2.207.2207)
    Castle.Windsor (3.3.0)
      Castle.Core (>= 3.3.0)
    EntityFramework (6.1.3) - framework: net40, net45, net451, >= net46
    FluentNHibernate (2.0.3)
      NHibernate (>= 4.0)
    Iesi.Collections (4.0.1.4000)
    NHibernate (4.0.4.4000)
      Iesi.Collections (>= 4.0 < 5.0)
    NHibernate.Mapping.Attributes (4.0.0.1)
    NLog (4.2.3)
    NUnit (3.0.1)
    SQLitex64 (1.0.66)
    System.Data.SQLite (1.0.99)
      System.Data.SQLite.Core (>= 1.0.99.0) - framework: net40, net45, net451, >= net46
      System.Data.SQLite.EF6 (>= 1.0.99.0) - framework: net40, net45, net451, >= net46
      System.Data.SQLite.Linq (>= 1.0.99.0) - framework: net40, net45, net451, >= net46
    System.Data.SQLite.Core (1.0.99) - framework: net40, net45, net451, >= net46
    System.Data.SQLite.EF6 (1.0.99) - framework: net40, net45, net451, >= net46
      EntityFramework (>= 6.0.0.0) - framework: net40, net45, net451, >= net46
    System.Data.SQLite.Linq (1.0.99) - framework: net40, net45, net451, >= net46
    Topshelf (3.3.1)
    Topshelf.NLog (3.3.1)
      NLog (>= 4.2.2)
      Topshelf (>= 3.3.1)
